GEM
  remote: http://rubygems.org/
  specs:
    coderay (1.0.7)
    crunchbase (0.3.0)
    faraday (0.8.4)
      multipart-post (~> 1.1)
    haml (3.1.7)
    httparty (0.9.0)
      multi_json (~> 1.0)
      multi_xml
    json (1.7.5)
    method_source (0.8)
    multi_json (1.3.7)
    multi_xml (0.5.1)
    multipart-post (1.1.5)
    neography (1.0.2)
      httparty (>= 0.8.1)
      json (>= 1.6.0)
      multi_json (>= 1.3.2)
      os (>= 0.9.6)
      rake (>= 0.8.7)
      rubyzip (>= 0.9.7)
    os (0.9.6)
    pry (0.9.10)
      coderay (~> 1.0.5)
      method_source (~> 0.8)
      slop (~> 3.3.1)
    rack (1.4.1)
    rack-protection (1.2.0)
      rack
    rake (0.9.2.2)
    rubyzip (0.9.9)
    sinatra (1.3.3)
      rack (~> 1.3, >= 1.3.6)
      rack-protection (~> 1.2)
      tilt (~> 1.3, >= 1.3.3)
    slop (3.3.3)
    tilt (1.3.3)
    yajl-ruby (1.1.0)

PLATFORMS
  ruby

DEPENDENCIES
  crunchbase
  faraday
  haml
  neography
  pry
  sinatra
  yajl-ruby
